PATH
  remote: .
  specs:
    stamps (0.3.0)
      hashie (~> 1.0)
      httpi (= 1.1.0)
      json (~> 1.0)
      multi_json (~> 1.0)
      savon (~> 1.2)

GEM
  remote: http://rubygems.org/
  specs:
    addressable (2.2.4)
    akami (1.2.0)
      gyoku (>= 0.4.0)
      nokogiri (>= 1.4.0)
    awesome_print (0.3.2)
    bluecloth (2.1.0)
    builder (3.2.0)
    crack (0.1.8)
    gyoku (0.4.6)
      builder (>= 2.1.2)
    hashie (1.2.0)
    httpi (1.1.0)
      rack
    json (1.7.7)
    mocha (0.9.12)
    multi_json (1.7.2)
    nokogiri (1.5.9)
    nori (1.1.5)
    rack (1.5.2)
    savon (1.2.0)
      akami (~> 1.2.0)
      builder (>= 2.1.2)
      gyoku (~> 0.4.5)
      httpi (~> 1.1.0)
      nokogiri (>= 1.4.0)
      nori (~> 1.1.0)
      wasabi (~> 2.5.0)
    shoulda (2.11.3)
    simplecov (0.4.1)
      simplecov-html (~> 0.4.3)
    simplecov-html (0.4.3)
    wasabi (2.5.1)
      httpi (~> 1.0)
      nokogiri (>= 1.4.0)
    webmock (1.6.2)
      addressable (>= 2.2.2)
      crack (>= 0.1.7)
    yard (0.6.8)

PLATFORMS
  ruby

DEPENDENCIES
  awesome_print
  bluecloth
  mocha (~> 0.9.11)
  shoulda (~> 2.11.3)
  simplecov (~> 0.4.0)
  stamps!
  webmock (~> 1.6.2)
  yard
